GEM
  remote: http://rubygems.org/
  specs:
    colorize (0.5.8)

PLATFORMS
  java
  ruby

DEPENDENCIES
  colorize
